GEM
  remote: http://rubygems.org/
  specs:
    activemodel (3.0.7)
      activesupport (= 3.0.7)
      builder (~> 2.1.2)
      i18n (~> 0.5.0)
    activerecord (3.0.7)
      activemodel (= 3.0.7)
      activesupport (= 3.0.7)
      arel (~> 2.0.2)
      tzinfo (~> 0.3.23)
    activerecord-sqlserver-adapter (3.0.15)
      activerecord (~> 3.0.3)
      arel (~> 2.0.7)
    activesupport (3.0.7)
    arel (2.0.10)
    builder (2.1.2)
    daemons (1.1.3)
    eventmachine (0.12.10)
    eventmachine (0.12.10-java)
    i18n (0.5.0)
    rack (1.3.0)
    shotgun (0.9)
      rack (>= 1.0)
    thin (1.2.11)
      daemons (>= 1.0.9)
      eventmachine (>= 0.12.6)
      rack (>= 1.0.0)
    tiny_tds (0.4.5)
    tzinfo (0.3.27)

PLATFORMS
  java
  ruby

DEPENDENCIES
  activerecord
  activerecord-sqlserver-adapter
  rack
  shotgun
  thin
  tiny_tds
